PATH
  remote: .
  specs:
    sparquel (0.1.0)
      pg
      pry
      racc

GEM
  remote: https://rubygems.org/
  specs:
    coderay (1.1.0)
    method_source (0.8.2)
    pg (0.17.1)
    pry (0.10.0)
      coderay (~> 1.1.0)
      method_source (~> 0.8.1)
      slop (~> 3.4)
    racc (1.4.9)
    slop (3.5.0)

PLATFORMS
  ruby

DEPENDENCIES
  sparquel!
